GEM
  remote: https://rubygems.org/
  specs:
    RedCloth (4.3.2)
    addressable (2.7.0)
      public_suffix (>= 2.0.2, < 5.0)
    chunky_png (1.3.11)
    colorator (1.1.0)
    compass (1.0.3)
      chunky_png (~> 1.2)
      compass-core (~> 1.0.2)
      compass-import-once (~> 1.0.5)
      rb-fsevent (>= 0.9.3)
      rb-inotify (>= 0.9)
      sass (>= 3.3.13, < 3.5)
    compass-core (1.0.3)
      multi_json (~> 1.0)
      sass (>= 3.3.0, < 3.5)
    compass-import-once (1.0.5)
      sass (>= 3.2, < 3.5)
    concurrent-ruby (1.1.5)
    em-websocket (0.5.1)
      eventmachine (>= 0.12.9)
      http_parser.rb (~> 0.6.0)
    eventmachine (1.2.7)
    ffi (1.11.2)
    forwardable-extended (2.6.0)
    haml (5.1.2)
      temple (>= 0.8.0)
      tilt
    http_parser.rb (0.6.0)
    i18n (1.7.0)
      concurrent-ruby (~> 1.0)
    iconv (1.0.8)
    jekyll (4.0.0)
      addressable (~> 2.4)
      colorator (~> 1.0)
      em-websocket (~> 0.5)
      i18n (>= 0.9.5, < 2)
      jekyll-sass-converter (~> 2.0)
      jekyll-watch (~> 2.0)
      kramdown (~> 2.1)
      kramdown-parser-gfm (~> 1.0)
      liquid (~> 4.0)
      mercenary (~> 0.3.3)
      pathutil (~> 0.9)
      rouge (~> 3.0)
      safe_yaml (~> 1.0)
      terminal-table (~> 1.8)
    jekyll-sass-converter (2.0.1)
      sassc (> 2.0.1, < 3.0)
    jekyll-sitemap (1.3.1)
      jekyll (>= 3.7, < 5.0)
    jekyll-watch (2.2.1)
      listen (~> 3.0)
    kramdown (2.1.0)
    kramdown-parser-gfm (1.1.0)
      kramdown (~> 2.0)
    liquid (4.0.3)
    listen (3.2.0)
      rb-fsevent (~> 0.10, >= 0.10.3)
      rb-inotify (~> 0.9, >= 0.9.10)
    mercenary (0.3.6)
    multi_json (1.14.1)
    mustermann (1.0.3)
    octopress-date-format (3.0.3)
      jekyll (>= 2.0)
    octopress-hooks (2.6.2)
      jekyll (>= 2.0)
    pathutil (0.16.2)
      forwardable-extended (~> 2.6)
    public_suffix (4.0.1)
    rack (2.0.8)
    rack-protection (2.0.7)
      rack
    rake (13.0.1)
    rb-fsevent (0.10.3)
    rb-inotify (0.10.0)
      ffi (~> 1.0)
    rdiscount (2.2.0.1)
    rouge (3.13.0)
    rubypants (0.7.0)
    safe_yaml (1.0.5)
    sass (3.4.25)
    sass-globbing (1.1.5)
      sass (>= 3.1)
    sassc (2.2.1)
      ffi (~> 1.9)
    sinatra (2.0.7)
      mustermann (~> 1.0)
      rack (~> 2.0)
      rack-protection (= 2.0.7)
      tilt (~> 2.0)
    stringex (2.8.5)
    temple (0.8.2)
    terminal-table (1.8.0)
      unicode-display_width (~> 1.1, >= 1.1.1)
    tilt (2.0.10)
    unicode-display_width (1.6.0)

PLATFORMS
  ruby

DEPENDENCIES
  RedCloth (~> 4.3)
  compass (~> 1.0.1)
  haml (~> 5.0)
  iconv
  jekyll (~> 4.0)
  jekyll-sitemap
  octopress-date-format (~> 3.0)
  octopress-hooks (~> 2.2)
  rake (~> 13.0)
  rb-fsevent (~> 0.9)
  rdiscount (~> 2.0)
  rubypants (~> 0.7)
  sass-globbing (~> 1.1)
  sinatra (~> 2.0)
  stringex (~> 2.8)

BUNDLED WITH
   1.17.2
